GEM
  remote: http://rubygems.org/
  specs:
    activesupport (3.2.13)
      i18n (= 0.6.1)
      multi_json (~> 1.0)
    amq-protocol (1.7.0)
    bunny (0.10.2)
      amq-protocol (>= 1.6.0)
    diff-lcs (1.2.4)
    i18n (0.6.1)
    multi_json (1.7.4)
    rspec (2.13.0)
      rspec-core (~> 2.13.0)
      rspec-expectations (~> 2.13.0)
      rspec-mocks (~> 2.13.0)
    rspec-core (2.13.1)
    rspec-expectations (2.13.0)
      diff-lcs (>= 1.1.3, < 2.0)
    rspec-mocks (2.13.1)
    sequel (3.47.0)
    sqlite3 (1.3.7)
    uuidtools (2.1.4)

PLATFORMS
  ruby

DEPENDENCIES
  activesupport
  bunny (>= 0.10.0)
  rspec
  sequel
  sqlite3
  uuidtools
